GEM
  specs:
    json (1.4.6)
    rspec (1.3.1)
    typhoeus (0.2.0)
    vcr (1.3.0)

PLATFORMS
  ruby

DEPENDENCIES
  json
  rspec (= 1.3.1)
  typhoeus (>= 0.2.0)
  vcr (>= 1.3.0)
