GEM
  remote: http://rubygems.org/
  specs:
    json (1.4.6)
    mime-types (1.16)
    rspec (1.3.1)
    typhoeus (0.2.2)
      mime-types
      mime-types
    vcr (1.3.0)

PLATFORMS
  ruby

DEPENDENCIES
  json
  rspec (= 1.3.1)
  typhoeus (>= 0.2.2)
  vcr (>= 1.3.0)
